GIT
  remote: git://github.com/dmathieu/glynn.git
  revision: f3fb495f98b30edcb0d635197f50c9cca3039b22
  specs:
    glynn (1.0.11)
      jekyll

GEM
  remote: https://rubygems.org/
  specs:
    RedCloth (4.2.9)
    colorator (0.1)
    ffi (1.9.10)
    jekyll (3.0.0)
      colorator (~> 0.1)
      jekyll-sass-converter (~> 1.0)
      jekyll-watch (~> 1.1)
      kramdown (~> 1.3)
      liquid (~> 3.0)
      mercenary (~> 0.3.3)
      rouge (~> 1.7)
      safe_yaml (~> 1.0)
    jekyll-sass-converter (1.3.0)
      sass (~> 3.2)
    jekyll-watch (1.3.0)
      listen (~> 3.0)
    kramdown (1.9.0)
    liquid (3.0.6)
    listen (3.0.4)
      rb-fsevent (>= 0.9.3)
      rb-inotify (>= 0.9)
    loofah (2.0.1)
      nokogiri (>= 1.5.9)
    mercenary (0.3.5)
    mini_portile (0.5.3)
    nokogiri (1.6.1)
      mini_portile (~> 0.5.0)
    rb-fsevent (0.9.6)
    rb-inotify (0.9.5)
      ffi (>= 0.5.0)
    rouge (1.10.1)
    safe_yaml (1.0.4)
    sass (3.4.19)

PLATFORMS
  ruby

DEPENDENCIES
  RedCloth
  glynn!
  jekyll
  loofah

BUNDLED WITH
   1.10.6
